GIT
  remote: git://github.com/headius/jruby-pg.git
  revision: d7297060881976506fe4b53f402056309f2496f1
  branch: master
  specs:
    pg (0.17.1)

GIT
  remote: git://github.com/tzinfo/tzinfo.git
  revision: e87434fdc36970440939d4d78f2078888d9b7806
  tag: v0.3.51
  specs:
    tzinfo (0.3.51)

GEM
  remote: https://rubygems.org/
  specs:
    backports (3.6.8)
    diff-lcs (1.2.5)
    jdbc-postgresql (9.2.1000)
    jruby-rack (1.1.20)
    multi_json (1.12.1)
    rack (1.6.4)
    rack-protection (1.5.3)
      rack
    rack-test (0.6.3)
      rack (>= 1.0)
    rollbar (2.12.0)
      multi_json
    rspec (3.5.0)
      rspec-core (~> 3.5.0)
      rspec-expectations (~> 3.5.0)
      rspec-mocks (~> 3.5.0)
    rspec-core (3.5.2)
      rspec-support (~> 3.5.0)
    rspec-expectations (3.5.0)
      diff-lcs (>= 1.2.0, < 2.0)
      rspec-support (~> 3.5.0)
    rspec-mocks (3.5.0)
      diff-lcs (>= 1.2.0, < 2.0)
      rspec-support (~> 3.5.0)
    rspec-support (3.5.0)
    sequel (4.37.0)
    sinatra (1.4.7)
      rack (~> 1.5)
      rack-protection (~> 1.4)
      tilt (>= 1.3, < 3)
    sinatra-contrib (1.4.7)
      backports (>= 2.0)
      multi_json
      rack-protection
      rack-test
      sinatra (~> 1.4.0)
      tilt (>= 1.3, < 3)
    tilt (2.0.5)
    trinidad (1.4.6)
      jruby-rack (~> 1.1.13)
      trinidad_jars (>= 1.3.0, < 1.5.0)
    trinidad_jars (1.4.2)

PLATFORMS
  java

DEPENDENCIES
  jdbc-postgresql (!= 9.4.1204)
  pg (= 0.17.1)!
  rollbar
  rspec
  sequel
  sequel_pg
  sinatra (>= 1.4.7, < 2.0)
  sinatra-contrib
  trinidad
  tzinfo (= 0.3.51)!

BUNDLED WITH
   1.10.6
